GEM
  remote: https://rubygems.org/
  specs:
    addressable (2.8.7)
      public_suffix (>= 2.0.2, < 7.0)
    base64 (0.2.0)
    bourbon (3.2.4)
      sass (~> 3.2)
      thor
    colorator (1.1.0)
    concurrent-ruby (1.3.3)
    crass (1.0.6)
    fastimage (1.8.1)
      addressable (~> 2.3, >= 2.3.5)
    ffi (1.17.0)
    ffi (1.17.0-x64-mingw32)
    forwardable-extended (2.6.0)
    jekyll (3.6.3)
      addressable (~> 2.4)
      colorator (~> 1.0)
      jekyll-sass-converter (~> 1.0)
      jekyll-watch (~> 1.1)
      kramdown (~> 1.14)
      liquid (~> 4.0)
      mercenary (~> 0.3.3)
      pathutil (~> 0.9)
      rouge (>= 1.7, < 3)
      safe_yaml (~> 1.0)
    jekyll-assets (2.0.3)
      fastimage (~> 1.8)
      jekyll (~> 3.0)
      sprockets (~> 3.3)
      sprockets-helpers (~> 1.2)
    jekyll-sass-converter (1.5.2)
      sass (~> 3.4)
    jekyll-watch (1.5.1)
      listen (~> 3.0)
    kramdown (1.17.0)
    liquid (4.0.4)
    listen (3.9.0)
      rb-fsevent (~> 0.10, >= 0.10.3)
      rb-inotify (~> 0.9, >= 0.9.10)
    mercenary (0.3.6)
    mini_portile2 (2.8.7)
    nokogiri (1.15.6)
      mini_portile2 (~> 2.8.2)
      racc (~> 1.4)
    nokogiri (1.15.6-x64-mingw32)
      racc (~> 1.4)
    pathutil (0.16.2)
      forwardable-extended (~> 2.6)
    public_suffix (5.1.1)
    racc (1.8.1)
    rack (2.2.9)
    rb-fsevent (0.11.2)
    rb-inotify (0.11.1)
      ffi (~> 1.0)
    rouge (2.2.1)
    safe_yaml (1.0.5)
    sanitize (6.1.2)
      crass (~> 1.0.2)
      nokogiri (>= 1.12.0)
    sass (3.7.4)
      sass-listen (~> 4.0.0)
    sass-listen (4.0.0)
      rb-fsevent (~> 0.9, >= 0.9.4)
      rb-inotify (~> 0.9, >= 0.9.7)
    sprockets (3.7.3)
      base64
      concurrent-ruby (~> 1.0)
      rack (> 1, < 3)
    sprockets-helpers (1.4.0)
      sprockets (>= 2.2)
    thor (0.19.4)

PLATFORMS
  ruby
  x64-mingw32

DEPENDENCIES
  bourbon (~> 3)
  jekyll (~> 3.6.3)
  jekyll-assets (~> 2.0.0)
  sanitize (>= 6.0.2)

BUNDLED WITH
   1.17.3
